GEM
  remote: https://rubygems.org/
  specs:
    addressable (2.8.1)
      public_suffix (>= 2.0.2, < 6.0)
    capybara (3.38.0)
      addressable
      matrix
      mini_mime (>= 0.1.3)
      nokogiri (~> 1.8)
      rack (>= 1.6.0)
      rack-test (>= 0.6.3)
      regexp_parser (>= 1.5, < 3.0)
      xpath (~> 3.2)
    capybara-playwright-driver (0.3.0)
      capybara
      playwright-ruby-client (>= 1.16.0)
    concurrent-ruby (1.1.10)
    diff-lcs (1.5.0)
    matrix (0.4.2)
    mime-types (3.4.1)
      mime-types-data (~> 3.2015)
    mime-types-data (3.2022.0105)
    mini_mime (1.1.2)
    nokogiri (1.13.9-arm64-darwin)
      racc (~> 1.4)
    playwright-ruby-client (1.27.0)
      concurrent-ruby (>= 1.1.6)
      mime-types (>= 3.0)
    public_suffix (5.0.0)
    racc (1.6.0)
    rack (3.0.1)
    rack-test (2.0.2)
      rack (>= 1.3)
    regexp_parser (2.6.1)
    rspec (3.12.0)
      rspec-core (~> 3.12.0)
      rspec-expectations (~> 3.12.0)
      rspec-mocks (~> 3.12.0)
    rspec-core (3.12.0)
      rspec-support (~> 3.12.0)
    rspec-expectations (3.12.0)
      diff-lcs (>= 1.2.0, < 2.0)
      rspec-support (~> 3.12.0)
    rspec-mocks (3.12.0)
      diff-lcs (>= 1.2.0, < 2.0)
      rspec-support (~> 3.12.0)
    rspec-support (3.12.0)
    xpath (3.2.0)
      nokogiri (~> 1.8)

PLATFORMS
  arm64-darwin-20

DEPENDENCIES
  capybara
  capybara-playwright-driver
  rspec

BUNDLED WITH
   2.3.13
